GEM
  remote: https://rubygems.org/
  specs:
    arr-pm (0.0.10)
      cabin (> 0)
    ast (2.3.0)
    backports (3.8.0)
    cabin (0.9.0)
    childprocess (0.7.1)
      ffi (~> 1.0, >= 1.0.11)
    clamp (1.0.1)
    dotenv (2.2.1)
    ffi (1.9.18)
    fpm (1.9.2)
      arr-pm (~> 0.0.10)
      backports (>= 2.6.2)
      cabin (>= 0.6.0)
      childprocess
      clamp (~> 1.0.0)
      ffi
      json (>= 1.7.7, < 2.0)
      pleaserun (~> 0.0.29)
      ruby-xz
      stud
    insist (1.0.0)
    io-like (0.3.0)
    json (1.8.6)
    mustache (0.99.8)
    parallel (1.12.0)
    parser (2.4.0.0)
      ast (~> 2.2)
    pleaserun (0.0.30)
      cabin (> 0)
      clamp
      dotenv
      insist
      mustache (= 0.99.8)
      stud
    powerpack (0.1.1)
    rainbow (2.2.2)
      rake
    rake (12.0.0)
    rubocop (0.49.1)
      parallel (~> 1.10)
      parser (>= 2.3.3.1, < 3.0)
      powerpack (~> 0.1)
      rainbow (>= 1.99.1, < 3.0)
      ruby-progressbar (~> 1.7)
      unicode-display_width (~> 1.0, >= 1.0.1)
    ruby-progressbar (1.8.1)
    ruby-xz (0.2.3)
      ffi (~> 1.9)
      io-like (~> 0.3)
    stud (0.0.23)
    unicode-display_width (1.3.0)

PLATFORMS
  ruby

DEPENDENCIES
  fpm (~> 1.9)
  rubocop (~> 0.49.1)

BUNDLED WITH
   1.15.4
